GEM
  remote: http://rubygems.org/
  specs:
    git (1.2.5)
    jeweler (1.5.2)
      bundler (~> 1.0.0)
      git (>= 1.2.5)
      rake
    mocha (0.9.11)
      rake
    rake (0.8.7)
    rcov (0.9.9)
    sqlite3 (1.3.3)
    sqlite3-ruby (1.3.3)
      sqlite3 (>= 1.3.3)

PLATFORMS
  ruby

DEPENDENCIES
  jeweler
  mocha
  rcov
  sqlite3-ruby
